GEM
  specs:
    faker (0.9.5)
      i18n (~> 0.4)
    i18n (0.5.0)
    rack (1.3.2)
    sinatra (1.2.6)
      rack (~> 1.1)
      tilt (>= 1.2.2, < 2.0)
    tilt (1.3.2)

PLATFORMS
  java

DEPENDENCIES
  faker
  sinatra
